GIT
  remote: git://github.com/daneharrigan/liquify.git
  revision: 84ed1bffdfe76744c7593538ddedc6223ad03b2e
  branch: 1.0-alpha
  specs:
    liquify (0.2)
      liquid (>= 2.2.2)

GEM
  remote: http://rubygems.org/
  specs:
    abstract (1.0.0)
    actionmailer (3.0.1)
      actionpack (= 3.0.1)
      mail (~> 2.2.5)
    actionpack (3.0.1)
      activemodel (= 3.0.1)
      activesupport (= 3.0.1)
      builder (~> 2.1.2)
      erubis (~> 2.6.6)
      i18n (~> 0.4.1)
      rack (~> 1.2.1)
      rack-mount (~> 0.6.12)
      rack-test (~> 0.5.4)
      tzinfo (~> 0.3.23)
    activemodel (3.0.1)
      activesupport (= 3.0.1)
      builder (~> 2.1.2)
      i18n (~> 0.4.1)
    activerecord (3.0.1)
      activemodel (= 3.0.1)
      activesupport (= 3.0.1)
      arel (~> 1.0.0)
      tzinfo (~> 0.3.23)
    activeresource (3.0.1)
      activemodel (= 3.0.1)
      activesupport (= 3.0.1)
    activesupport (3.0.1)
    archive-tar-minitar (0.5.2)
    arel (1.0.1)
      activesupport (~> 3.0.0)
    bcrypt-ruby (2.1.3)
    builder (2.1.2)
    carrierwave (0.5.1)
      activesupport (~> 3.0)
    columnize (0.3.1)
    configatron (2.6.4)
      yamler (>= 0.1.0)
    cover_me (1.0.0.rc4)
      configatron
      hashie
    current_object (0.2)
    daemons (1.0.10)
    database_cleaner (0.6.0)
    devise (1.1.5)
      bcrypt-ruby (~> 2.1.2)
      warden (~> 1.0.2)
    diff-lcs (1.1.2)
    erubis (2.6.6)
      abstract (>= 1.0.0)
    excon (0.3.6)
    factory_girl (1.3.2)
    fog (0.3.34)
      builder
      excon (>= 0.3.6)
      formatador (>= 0.0.16)
      json
      mime-types
      net-ssh (>= 2.0.23)
      nokogiri (>= 1.4.4)
      ruby-hmac
    formatador (0.0.16)
    gem_plugin (0.2.3)
    haml (3.0.23)
    has_scope (0.5.0)
    hashie (0.4.0)
    i18n (0.4.2)
    inherited_resources (1.1.2)
      has_scope (~> 0.5.0)
      responders (~> 0.6.0)
    json (1.4.6)
    layout_options (0.2)
      rails (~> 3.0.1)
    linecache19 (0.5.11)
      ruby_core_source (>= 0.1.4)
    liquid (2.2.2)
    mail (2.2.9)
      activesupport (>= 2.3.6)
      i18n (~> 0.4.1)
      mime-types (~> 1.16)
      treetop (~> 1.4.8)
    mime-types (1.16)
    mongrel (1.2.0.pre2)
      daemons (~> 1.0.10)
      gem_plugin (~> 0.2.3)
    net-ssh (2.0.23)
    nokogiri (1.4.4)
    polyglot (0.3.1)
    rack (1.2.1)
    rack-mount (0.6.13)
      rack (>= 1.0.0)
    rack-test (0.5.6)
      rack (>= 1.0)
    rails (3.0.1)
      actionmailer (= 3.0.1)
      actionpack (= 3.0.1)
      activerecord (= 3.0.1)
      activeresource (= 3.0.1)
      activesupport (= 3.0.1)
      bundler (~> 1.0.0)
      railties (= 3.0.1)
    railties (3.0.1)
      actionpack (= 3.0.1)
      activesupport (= 3.0.1)
      rake (>= 0.8.4)
      thor (~> 0.14.0)
    rake (0.8.7)
    responders (0.6.2)
    rspec (2.1.0)
      rspec-core (~> 2.1.0)
      rspec-expectations (~> 2.1.0)
      rspec-mocks (~> 2.1.0)
    rspec-core (2.1.0)
    rspec-expectations (2.1.0)
      diff-lcs (~> 1.1.2)
    rspec-mocks (2.1.0)
    rspec-rails (2.1.0)
      rspec (~> 2.1.0)
    ruby-debug-base19 (0.11.24)
      columnize (>= 0.3.1)
      linecache19 (>= 0.5.11)
      ruby_core_source (>= 0.1.4)
    ruby-debug19 (0.11.6)
      columnize (>= 0.3.1)
      linecache19 (>= 0.5.11)
      ruby-debug-base19 (>= 0.11.19)
    ruby-hmac (0.4.0)
    ruby_core_source (0.1.4)
      archive-tar-minitar (>= 0.5.2)
    shoulda (2.11.3)
    sqlite3-ruby (1.3.2)
    thor (0.14.3)
    treetop (1.4.8)
      polyglot (>= 0.3.1)
    tzinfo (0.3.23)
    warden (1.0.3)
      rack (>= 1.0.0)
    webrat (0.7.2)
      nokogiri (>= 1.2.0)
      rack (>= 1.0)
      rack-test (>= 0.5.3)
    yamler (0.1.0)

PLATFORMS
  ruby

DEPENDENCIES
  carrierwave (~> 0.5.1)
  cover_me (~> 1.0.0.rc4)
  current_object (~> 0.2)
  database_cleaner (~> 0.6.0)
  devise (~> 1.1.5)
  factory_girl (~> 1.3.2)
  fog (~> 0.3.34)
  haml (= 3.0.23)
  inherited_resources (= 1.1.2)
  layout_options (~> 0.2)
  linecache19
  liquify!
  mongrel (= 1.2.0.pre2)
  rails (= 3.0.1)
  rspec (>= 2.1.0)
  rspec-rails (>= 2.1.0)
  ruby-debug19
  shoulda (>= 2.11.3)
  sqlite3-ruby
  webrat (~> 0.7.2)
